GEM
  remote: https://rubygems.org/
  specs:
    crass (1.0.6)
    mini_portile2 (2.8.1)
    nokogiri (1.14.0)
      mini_portile2 (~> 2.8.0)
      racc (~> 1.4)
    racc (1.6.2)
    sanitize (6.0.1)
      crass (~> 1.0.2)
      nokogiri (>= 1.12.0)

PLATFORMS
  ruby

DEPENDENCIES
  sanitize

BUNDLED WITH
   1.16.2
