GEM
  remote: https://rubygems.org/
  specs:
    crass (1.0.6)
    mini_portile2 (2.8.0)
    nokogiri (1.13.4)
      mini_portile2 (~> 2.8.0)
      racc (~> 1.4)
    nokogumbo (2.0.5)
      nokogiri (~> 1.8, >= 1.8.4)
    racc (1.6.0)
    sanitize (5.2.1)
      crass (~> 1.0.2)
      nokogiri (>= 1.8.0)
      nokogumbo (~> 2.0)

PLATFORMS
  ruby

DEPENDENCIES
  sanitize

BUNDLED WITH
   1.16.2
